GEM
  remote: https://rubygems.org/
  specs:
    ast (2.2.0)
    bcrypt (3.1.10)
    cinch (2.3.1)
    cinch-identify (1.7.0)
      cinch (~> 2.0)
    modalsettings (1.0.1)
      modalsupport (>= 0.8.1)
    modalsupport (0.9.2)
    parser (2.3.0.1)
      ast (~> 2.2)
    powerpack (0.1.1)
    rainbow (2.0.0)
    rake (10.5.0)
    rubocop (0.36.0)
      parser (>= 2.3.0.0, < 3.0)
      powerpack (~> 0.1)
      rainbow (>= 1.99.1, < 3.0)
      ruby-progressbar (~> 1.7)
    ruby-progressbar (1.7.5)
    sequel (4.30.0)
    sequel_secure_password (0.2.12)
      bcrypt (>= 3.1, < 4.0)
      sequel (>= 4.1.0, < 5.0)
    sqlite3 (1.3.11)
    terminal-table (1.5.2)

PLATFORMS
  ruby

DEPENDENCIES
  cinch (~> 2.3, >= 2.3.1)
  cinch-identify (~> 1.7)
  modalsettings (~> 1.0, >= 1.0.1)
  rake (~> 10.5)
  rubocop (~> 0.36.0)
  sequel (~> 4.30)
  sequel_secure_password (~> 0.2.12)
  sqlite3 (~> 1.3, >= 1.3.11)
  terminal-table (~> 1.5, >= 1.5.2)

BUNDLED WITH
   1.11.2
